PATH
  remote: .
  specs:
    yarlisp (0.0.0)

GEM
  remote: http://rubygems.org/
  specs:
    diff-lcs (1.1.3)
    rcov (0.9.11)
    rspec (2.7.0)
      rspec-core (~> 2.7.0)
      rspec-expectations (~> 2.7.0)
      rspec-mocks (~> 2.7.0)
    rspec-core (2.7.0)
    rspec-expectations (2.7.0)
      diff-lcs (~> 1.1.2)
    rspec-mocks (2.7.0)

PLATFORMS
  ruby

DEPENDENCIES
  rcov
  rspec
  yarlisp!
